PATH
  remote: .
  specs:
    sigimera (0.0.1.rc2)
      json
      nokogiri

GEM
  remote: http://rubygems.org/
  specs:
    diff-lcs (1.1.3)
    json (1.7.5)
    multi_json (1.3.7)
    nokogiri (1.5.5)
    rake (10.0.2)
    rspec (2.12.0)
      rspec-core (~> 2.12.0)
      rspec-expectations (~> 2.12.0)
      rspec-mocks (~> 2.12.0)
    rspec-core (2.12.0)
    rspec-expectations (2.12.0)
      diff-lcs (~> 1.1.3)
    rspec-mocks (2.12.0)
    simplecov (0.7.1)
      multi_json (~> 1.0)
      simplecov-html (~> 0.7.1)
    simplecov-html (0.7.1)
    spork (0.9.2)

PLATFORMS
  ruby

DEPENDENCIES
  rake
  rspec
  sigimera!
  simplecov
  spork
