PATH
  remote: .
  specs:
    sigimera_client (0.0.1)

GEM
  remote: http://rubygems.org/
  specs:

PLATFORMS
  ruby

DEPENDENCIES
  sigimera_client!
