PATH
  remote: .
  specs:
    sigimera (0.0.0.alpha)

GEM
  remote: http://rubygems.org/
  specs:

PLATFORMS
  ruby

DEPENDENCIES
  sigimera!
