PATH
  remote: .
  specs:
    sigimera (0.0.1.alpha)

GEM
  remote: http://rubygems.org/
  specs:
    diff-lcs (1.1.3)
    rake (10.0.2)
    rspec (2.12.0)
      rspec-core (~> 2.12.0)
      rspec-expectations (~> 2.12.0)
      rspec-mocks (~> 2.12.0)
    rspec-core (2.12.0)
    rspec-expectations (2.12.0)
      diff-lcs (~> 1.1.3)
    rspec-mocks (2.12.0)
    spork (0.9.2)

PLATFORMS
  ruby

DEPENDENCIES
  rake
  rspec
  sigimera!
  spork
